GEM
  remote: https://rubygems.org/
  specs:
    builder (3.2.2)
    byebug (2.5.0)
      columnize (~> 0.3.6)
      debugger-linecache (~> 1.2.0)
    ci_reporter (1.8.4)
      builder (>= 2.1.2)
    columnize (0.3.6)
    debugger-linecache (1.2.0)
    diff-lcs (1.2.4)
    nokogiri (1.5.9)
    rake (10.3.2)
    rspec (2.13.0)
      rspec-core (~> 2.13.0)
      rspec-expectations (~> 2.13.0)
      rspec-mocks (~> 2.13.0)
    rspec-core (2.13.1)
    rspec-expectations (2.13.0)
      diff-lcs (>= 1.1.3, < 2.0)
    rspec-mocks (2.13.1)

PLATFORMS
  ruby

DEPENDENCIES
  byebug
  ci_reporter
  nokogiri
  rake
  rspec
